GEM
  remote: https://rubygems.org/
  specs:
    coderay (1.1.2)
    method_source (0.9.0)
    pry (0.11.3)
      coderay (~> 1.1.0)
      method_source (~> 0.9.0)
    slop (4.6.2)

PLATFORMS
  ruby

DEPENDENCIES
  pry
  slop

RUBY VERSION
   ruby 2.5.0p0

BUNDLED WITH
   1.16.1
